GEM
  remote: https://rubygems.org/
  specs:
    eventmachine (1.0.9.1)

PLATFORMS
  ruby

DEPENDENCIES
  eventmachine (~> 1.0.3)

BUNDLED WITH
   1.11.2
